GIT
  remote: http://github.com/jmettraux/ruote.git
  revision: 7a26fdeaa3620d1b3e42452124910f95f9b153dc
  specs:
    ruote (2.3.1)
      blankslate (= 2.1.2.4)
      parslet (= 1.4.0)
      ruby_parser (~> 2.3)
      rufus-cloche (>= 1.0.2)
      rufus-dollar (>= 1.0.4)
      rufus-json (>= 1.0.5)
      rufus-mnemo (>= 1.2.2)
      rufus-scheduler (>= 2.0.16)
      rufus-treechecker (>= 1.0.8)
      sourcify (= 0.5.0)

PATH
  remote: .
  specs:
    biz_travels (0.0.1)
      bcrypt-ruby
      bootstrap-sass (~> 2.3.1.0)
      coffee-rails (~> 3.2.1)
      database_cleaner
      database_cleaner
      eventmachine (= 1.0.0.beta.4.1)
      execjs
      gon
      haml-rails
      jquery-rails
      rails (= 3.2.12)
      rufus-scheduler
      ruote
      ruote-sequel
      sass-rails (~> 3.2.3)
      simple_form
      sinatra (~> 1.2)
      sinatra-respond_to
      sqlite3
      state_machine
      thin (= 1.3.1)
      uglifier (>= 1.0.3)
      will_paginate (~> 3.0)
      yajl-ruby

PATH
  remote: ../authentify
  specs:
    authentify (0.0.1)
      bcrypt-ruby
      bootstrap-sass (~> 2.3.1.0)
      coffee-rails (~> 3.2.1)
      database_cleaner
      execjs
      jquery-rails
      rails (= 3.2.12)
      sass-rails (~> 3.2)
      simple_form
      sqlite3
      uglifier (>= 1.0.3)
      will_paginate (~> 3.0)
      yajl-ruby

PATH
  remote: ../commonx
  specs:
    commonx (0.0.1)
      coffee-rails (~> 3.2.1)
      database_cleaner
      execjs
      jquery-rails
      rails (= 3.2.12)
      sass-rails (~> 3.2.3)
      simple_form
      uglifier
      will_paginate

GEM
  remote: https://rubygems.org/
  specs:
    actionmailer (3.2.12)
      actionpack (= 3.2.12)
      mail (~> 2.4.4)
    actionpack (3.2.12)
      activemodel (= 3.2.12)
      activesupport (= 3.2.12)
      builder (~> 3.0.0)
      erubis (~> 2.7.0)
      journey (~> 1.0.4)
      rack (~> 1.4.5)
      rack-cache (~> 1.2)
      rack-test (~> 0.6.1)
      sprockets (~> 2.2.1)
    activemodel (3.2.12)
      activesupport (= 3.2.12)
      builder (~> 3.0.0)
    activerecord (3.2.12)
      activemodel (= 3.2.12)
      activesupport (= 3.2.12)
      arel (~> 3.0.2)
      tzinfo (~> 0.3.29)
    activeresource (3.2.12)
      activemodel (= 3.2.12)
      activesupport (= 3.2.12)
    activesupport (3.2.12)
      i18n (~> 0.6)
      multi_json (~> 1.0)
    addressable (2.3.5)
    arel (3.0.2)
    bcrypt-ruby (3.1.2-x86-mingw32)
    blankslate (2.1.2.4)
    bootstrap-sass (2.3.1.0)
      sass (~> 3.2)
    builder (3.0.4)
    capybara (2.1.0)
      mime-types (>= 1.16)
      nokogiri (>= 1.3.3)
      rack (>= 1.0.0)
      rack-test (>= 0.5.4)
      xpath (~> 2.0)
    coffee-rails (3.2.2)
      coffee-script (>= 2.2.0)
      railties (~> 3.2.0)
    coffee-script (2.2.0)
      coffee-script-source
      execjs
    coffee-script-source (1.6.3)
    daemons (1.1.9)
    database_cleaner (1.1.1)
    diff-lcs (1.2.4)
    erubis (2.7.0)
    eventmachine (1.0.0.beta.4.1-x86-mingw32)
    execjs (2.0.1)
    factory_girl (4.2.0)
      activesupport (>= 3.0.0)
    factory_girl_rails (4.2.1)
      factory_girl (~> 4.2.0)
      railties (>= 3.0.0)
    file-tail (1.0.12)
      tins (~> 0.5)
    gon (4.1.1)
      actionpack (>= 2.3.0)
      json
    haml (4.0.3)
      tilt
    haml-rails (0.4)
      actionpack (>= 3.1, < 4.1)
      activesupport (>= 3.1, < 4.1)
      haml (>= 3.1, < 4.1)
      railties (>= 3.1, < 4.1)
    hike (1.2.3)
    i18n (0.6.5)
    jason (0.6.0)
      erubis
    journey (1.0.4)
    jquery-rails (3.0.4)
      railties (>= 3.0, < 5.0)
      thor (>= 0.14, < 2.0)
    json (1.8.0)
    launchy (2.3.0)
      addressable (~> 2.3)
    mail (2.4.4)
      i18n (>= 0.4.0)
      mime-types (~> 1.16)
      treetop (~> 1.4.8)
    mime-types (1.25)
    mini_portile (0.5.1)
    multi_json (1.8.0)
    nokogiri (1.6.0-x86-mingw32)
      mini_portile (~> 0.5.0)
    parslet (1.4.0)
      blankslate (~> 2.0)
    polyglot (0.3.3)
    rack (1.4.5)
    rack-cache (1.2)
      rack (>= 0.4)
    rack-protection (1.5.0)
      rack
    rack-ssl (1.3.3)
      rack
    rack-test (0.6.2)
      rack (>= 1.0)
    rails (3.2.12)
      actionmailer (= 3.2.12)
      actionpack (= 3.2.12)
      activerecord (= 3.2.12)
      activeresource (= 3.2.12)
      activesupport (= 3.2.12)
      bundler (~> 1.0)
      railties (= 3.2.12)
    railties (3.2.12)
      actionpack (= 3.2.12)
      activesupport (= 3.2.12)
      rack-ssl (~> 1.3.2)
      rake (>= 0.8.7)
      rdoc (~> 3.4)
      thor (>= 0.14.6, < 2.0)
    rake (10.1.0)
    rdoc (3.12.2)
      json (~> 1.4)
    rspec-core (2.14.5)
    rspec-expectations (2.14.2)
      diff-lcs (>= 1.1.3, < 2.0)
    rspec-mocks (2.14.3)
    rspec-rails (2.14.0)
      actionpack (>= 3.0)
      activesupport (>= 3.0)
      railties (>= 3.0)
      rspec-core (~> 2.14.0)
      rspec-expectations (~> 2.14.0)
      rspec-mocks (~> 2.14.0)
    ruby2ruby (1.3.1)
      ruby_parser (~> 2.0)
      sexp_processor (~> 3.0)
    ruby_parser (2.3.1)
      sexp_processor (~> 3.0)
    rufus-cloche (1.0.4)
      rufus-json (>= 1.0.3)
    rufus-dollar (1.0.4)
    rufus-json (1.0.6)
    rufus-mnemo (1.2.3)
    rufus-scheduler (2.0.24)
      tzinfo (>= 0.3.22)
    rufus-treechecker (1.0.8)
      ruby_parser (>= 2.0.5)
    ruote-sequel (2.3.0.2)
      ruote (>= 2.3.0)
      sequel
    sass (3.2.10)
    sass-rails (3.2.6)
      railties (~> 3.2.0)
      sass (>= 3.1.10)
      tilt (~> 1.3)
    sequel (4.2.0)
    sexp_processor (3.2.0)
    simple_form (2.1.0)
      actionpack (~> 3.0)
      activemodel (~> 3.0)
    sinatra (1.4.3)
      rack (~> 1.4)
      rack-protection (~> 1.4)
      tilt (~> 1.3, >= 1.3.4)
    sinatra-respond_to (0.9.0)
      sinatra (~> 1.3)
    sourcify (0.5.0)
      file-tail (>= 1.0.5)
      ruby2ruby (>= 1.2.5)
      ruby_parser (>= 2.0.5)
      sexp_processor (>= 3.0.5)
    sprockets (2.2.2)
      hike (~> 1.2)
      multi_json (~> 1.0)
      rack (~> 1.0)
      tilt (~> 1.1, != 1.3.0)
    sqlite3 (1.3.8-x86-mingw32)
    state_machine (1.2.0)
    thin (1.3.1)
      daemons (>= 1.0.9)
      eventmachine (>= 0.12.6)
      rack (>= 1.0.0)
    thor (0.18.1)
    tilt (1.4.1)
    tins (0.10.0)
    treetop (1.4.15)
      polyglot
      polyglot (>= 0.3.1)
    tzinfo (0.3.37)
    uglifier (2.2.1)
      execjs (>= 0.3.0)
      multi_json (~> 1.0, >= 1.0.2)
    will_paginate (3.0.5)
    xpath (2.0.0)
      nokogiri (~> 1.3)
    yajl-ruby (1.1.0-x86-mingw32)

PLATFORMS
  x86-mingw32

DEPENDENCIES
  authentify!
  bcrypt-ruby
  biz_travels!
  bootstrap-sass (= 2.3.1.0)
  capybara
  coffee-rails (~> 3.2.1)
  commonx!
  database_cleaner
  eventmachine (= 1.0.0.beta.4.1)
  execjs
  factory_girl_rails
  haml-rails
  jason
  launchy
  rails (= 3.2.12)
  rspec-rails (>= 2.0.0)
  ruote!
  ruote-sequel
  sass-rails (~> 3.2.3)
  simple_form
  sinatra (~> 1.2)
  sinatra-respond_to
  sqlite3
  state_machine
  therubyracer
  thin (= 1.3.1)
  uglifier (>= 1.0.3)
  will_paginate
  yajl-ruby
