GIT
  remote: git://github.com/kennethkalmer/ruote-kit.git
  revision: 617fc1c34564a5a2c11cd5ff833e1ff6673e7c2a
  specs:
    ruote-kit (2.3.0)
      haml (>= 3.1.4)
      rufus-json (>= 0.2.5)
      sinatra (>= 1.2.0)
      sinatra-respond_to (>= 0.8.0)

GIT
  remote: http://github.com/emclab/authentify.git
  revision: e446bd0b8aaa4173c88cbd0b2edcc21fc2789f38
  specs:
    authentify (0.0.1)
      bcrypt-ruby
      bootstrap-sass (~> 2.0.4.0)
      coffee-rails (~> 3.2.1)
      database_cleaner
      eventmachine (= 1.0.0.beta.4.1)
      execjs
      gon
      haml-rails
      jquery-rails
      rails (= 3.2.8)
      sass-rails (~> 3.2.3)
      simple_form
      sinatra (~> 1.2)
      sqlite3
      state_machine
      thin (= 1.3.1)
      uglifier (>= 1.0.3)
      will_paginate (~> 3.0)
      yajl-ruby

GIT
  remote: http://github.com/jmettraux/ruote.git
  revision: 327a64f6f7afed685d108ffe425c6651ecb83914
  specs:
    ruote (2.3.1)
      blankslate (= 2.1.2.4)
      parslet (>= 1.4.0)
      ruby_parser (~> 2.3)
      rufus-cloche (>= 1.0.2)
      rufus-dollar (>= 1.0.4)
      rufus-json (>= 1.0.1)
      rufus-mnemo (>= 1.2.2)
      rufus-scheduler (>= 2.0.16)
      rufus-treechecker (>= 1.0.8)
      sourcify (= 0.5.0)

PATH
  remote: .
  specs:
    biz_travels (0.0.1)
      bcrypt-ruby
      bootstrap-sass (~> 2.0.4.0)
      coffee-rails (~> 3.2.1)
      database_cleaner
      database_cleaner
      eventmachine (= 1.0.0.beta.4.1)
      execjs
      gon
      haml-rails
      jquery-rails
      rails (= 3.2.8)
      rufus-scheduler
      ruote
      ruote-kit
      sass-rails (~> 3.2.3)
      simple_form
      sinatra (~> 1.2)
      sinatra-respond_to
      sqlite3
      state_machine
      thin (= 1.3.1)
      uglifier (>= 1.0.3)
      will_paginate (~> 3.0)
      yajl-ruby

GEM
  remote: http://rubygems.org/
  specs:
    actionmailer (3.2.8)
      actionpack (= 3.2.8)
      mail (~> 2.4.4)
    actionpack (3.2.8)
      activemodel (= 3.2.8)
      activesupport (= 3.2.8)
      builder (~> 3.0.0)
      erubis (~> 2.7.0)
      journey (~> 1.0.4)
      rack (~> 1.4.0)
      rack-cache (~> 1.2)
      rack-test (~> 0.6.1)
      sprockets (~> 2.1.3)
    activemodel (3.2.8)
      activesupport (= 3.2.8)
      builder (~> 3.0.0)
    activerecord (3.2.8)
      activemodel (= 3.2.8)
      activesupport (= 3.2.8)
      arel (~> 3.0.2)
      tzinfo (~> 0.3.29)
    activeresource (3.2.8)
      activemodel (= 3.2.8)
      activesupport (= 3.2.8)
    activesupport (3.2.8)
      i18n (~> 0.6)
      multi_json (~> 1.0)
    ansi (1.4.3)
    arel (3.0.2)
    bcrypt-ruby (3.0.1)
    bcrypt-ruby (3.0.1-x86-mingw32)
    blankslate (2.1.2.4)
    bootstrap-sass (2.0.4.2)
    builder (3.0.4)
    coffee-rails (3.2.2)
      coffee-script (>= 2.2.0)
      railties (~> 3.2.0)
    coffee-script (2.2.0)
      coffee-script-source
      execjs
    coffee-script-source (1.4.0)
    daemons (1.1.9)
    database_cleaner (0.9.1)
    diff-lcs (1.1.3)
    erubis (2.7.0)
    eventmachine (1.0.0.beta.4.1-x86-mingw32)
    execjs (1.4.0)
      multi_json (~> 1.0)
    factory_girl (3.6.2)
      activesupport (>= 3.0.0)
    factory_girl_rails (3.6.0)
      factory_girl (~> 3.6.0)
      railties (>= 3.0.0)
    file-tail (1.0.12)
      tins (~> 0.5)
    gon (4.0.2)
      actionpack (>= 2.3.0)
      json
    haml (3.1.7)
    haml-rails (0.3.5)
      actionpack (>= 3.1, < 4.1)
      activesupport (>= 3.1, < 4.1)
      haml (~> 3.1)
      railties (>= 3.1, < 4.1)
    hike (1.2.1)
    i18n (0.6.1)
    journey (1.0.4)
    jquery-rails (2.1.4)
      railties (>= 3.0, < 5.0)
      thor (>= 0.14, < 2.0)
    json (1.7.5)
    mail (2.4.4)
      i18n (>= 0.4.0)
      mime-types (~> 1.16)
      treetop (~> 1.4.8)
    mime-types (1.19)
    multi_json (1.5.0)
    nokogiri (1.5.6)
    nokogiri (1.5.6-x86-mingw32)
    parslet (1.4.0)
      blankslate (~> 2.0)
    polyglot (0.3.3)
    rack (1.4.1)
    rack-cache (1.2)
      rack (>= 0.4)
    rack-protection (1.3.2)
      rack
    rack-ssl (1.3.2)
      rack
    rack-test (0.6.2)
      rack (>= 1.0)
    rails (3.2.8)
      actionmailer (= 3.2.8)
      actionpack (= 3.2.8)
      activerecord (= 3.2.8)
      activeresource (= 3.2.8)
      activesupport (= 3.2.8)
      bundler (~> 1.0)
      railties (= 3.2.8)
    railties (3.2.8)
      actionpack (= 3.2.8)
      activesupport (= 3.2.8)
      rack-ssl (~> 1.3.2)
      rake (>= 0.8.7)
      rdoc (~> 3.4)
      thor (>= 0.14.6, < 2.0)
    rake (10.0.3)
    rdoc (3.12)
      json (~> 1.4)
    rspec-core (2.12.2)
    rspec-expectations (2.12.1)
      diff-lcs (~> 1.1.3)
    rspec-mocks (2.12.1)
    rspec-rails (2.12.0)
      actionpack (>= 3.0)
      activesupport (>= 3.0)
      railties (>= 3.0)
      rspec-core (~> 2.12.0)
      rspec-expectations (~> 2.12.0)
      rspec-mocks (~> 2.12.0)
    ruby2ruby (1.3.1)
      ruby_parser (~> 2.0)
      sexp_processor (~> 3.0)
    ruby_parser (2.3.1)
      sexp_processor (~> 3.0)
    rufus-cloche (1.0.2)
      rufus-json (>= 1.0.1)
    rufus-dollar (1.0.4)
    rufus-json (1.0.2)
    rufus-mnemo (1.2.3)
    rufus-scheduler (2.0.17)
      tzinfo (>= 0.3.23)
    rufus-treechecker (1.0.8)
      ruby_parser (>= 2.0.5)
    sass (3.2.4)
    sass-rails (3.2.5)
      railties (~> 3.2.0)
      sass (>= 3.1.10)
      tilt (~> 1.3)
    sexp_processor (3.2.0)
    simple_form (2.0.4)
      actionpack (~> 3.0)
      activemodel (~> 3.0)
    sinatra (1.3.3)
      rack (~> 1.3, >= 1.3.6)
      rack-protection (~> 1.2)
      tilt (~> 1.3, >= 1.3.3)
    sinatra-respond_to (0.8.0)
      sinatra (~> 1.3)
    sourcify (0.5.0)
      file-tail (>= 1.0.5)
      ruby2ruby (>= 1.2.5)
      ruby_parser (>= 2.0.5)
      sexp_processor (>= 3.0.5)
    sprockets (2.1.3)
      hike (~> 1.2)
      rack (~> 1.0)
      tilt (~> 1.1, != 1.3.0)
    sqlite3 (1.3.6)
    sqlite3 (1.3.6-x86-mingw32)
    state_machine (1.1.2)
    thin (1.3.1)
      daemons (>= 1.0.9)
      eventmachine (>= 0.12.6)
      rack (>= 1.0.0)
    thor (0.16.0)
    tilt (1.3.3)
    tins (0.6.0)
    treetop (1.4.12)
      polyglot
      polyglot (>= 0.3.1)
    turn (0.8.2)
      ansi (>= 1.2.2)
    tzinfo (0.3.35)
    uglifier (1.3.0)
      execjs (>= 0.3.0)
      multi_json (~> 1.0, >= 1.0.2)
    webrat (0.7.3)
      nokogiri (>= 1.2.0)
      rack (>= 1.0)
      rack-test (>= 0.5.3)
    will_paginate (3.0.3)
    yajl-ruby (1.1.0)
    yajl-ruby (1.1.0-x86-mingw32)

PLATFORMS
  x86-mingw32

DEPENDENCIES
  authentify!
  bcrypt-ruby
  biz_travels!
  bootstrap-sass (~> 2.0.4.0)
  coffee-rails (~> 3.2.1)
  database_cleaner
  eventmachine (= 1.0.0.beta.4.1)
  execjs
  factory_girl_rails (~> 3.0)
  gon
  haml-rails
  jquery-rails
  rails (= 3.2.8)
  rspec-rails (>= 2.0.0)
  rufus-scheduler
  ruote!
  ruote-kit!
  sass-rails (~> 3.2.3)
  simple_form
  sinatra (~> 1.2)
  sinatra-respond_to
  sqlite3
  state_machine
  therubyracer
  thin (= 1.3.1)
  turn (= 0.8.2)
  uglifier (>= 1.0.3)
  webrat (>= 0.7.2)
  will_paginate (~> 3.0)
  yajl-ruby
